GEM
  remote: http://rubygems.org/
  specs:
    git (1.2.5)
    jeweler (1.6.4)
      bundler (~> 1.0)
      git (>= 1.2.5)
      rake
    mime-types (1.17.2)
    nokogiri (1.5.0)
    rack (1.4.0)
    rake (0.9.2.2)
    rcov (0.9.11)
    shoulda (2.11.3)
    typhoeus (0.3.3)
      mime-types

PLATFORMS
  ruby

DEPENDENCIES
  bundler (~> 1.0.0)
  jeweler (~> 1.6.4)
  nokogiri
  rack
  rcov
  shoulda
  typhoeus
